GEM
  remote: https://rubygems.org/
  specs:
    RedCloth (4.2.9)
    actionpack (4.0.4)
      activesupport (= 4.0.4)
      builder (~> 3.1.0)
      erubis (~> 2.7.0)
      rack (~> 1.5.2)
      rack-test (~> 0.6.2)
    activemodel (4.0.4)
      activesupport (= 4.0.4)
      builder (~> 3.1.0)
    activesupport (4.0.4)
      i18n (~> 0.6, >= 0.6.9)
      minitest (~> 4.2)
      multi_json (~> 1.3)
      thread_safe (~> 0.1)
      tzinfo (~> 0.3.37)
    addressable (2.3.5)
    atomic (1.1.15)
    builder (3.1.4)
    capybara (2.0.3)
      mime-types (>= 1.16)
      nokogiri (>= 1.3.3)
      rack (>= 1.0.0)
      rack-test (>= 0.5.4)
      selenium-webdriver (~> 2.0)
      xpath (~> 1.0.0)
    childprocess (0.5.1)
      ffi (~> 1.0, >= 1.0.11)
    chunky_png (1.3.0)
    classifier (1.3.4)
      fast-stemmer (>= 1.0.0)
    cmdparse (2.0.5)
    colorator (0.1)
    colored (1.2)
    commander (4.1.6)
      highline (~> 1.6.11)
    compass (0.12.3)
      chunky_png (~> 1.2)
      fssm (>= 0.2.7)
      sass (= 3.2.14)
    css_parser (1.2.6)
      addressable
      rdoc
    deadweight (0.2.2)
      css_parser (~> 1.2.6)
      nokogiri
    diff-lcs (1.2.5)
    directory_watcher (1.4.1)
    docile (1.1.3)
    erubis (2.7.0)
    execjs (1.4.0)
      multi_json (~> 1.0)
    fast-stemmer (1.0.2)
    ffi (1.9.3)
    fssm (0.2.10)
    haml (4.0.5)
      tilt
    highline (1.6.21)
    i18n (0.6.9)
    jekyll (1.1.1)
      classifier (~> 1.3)
      colorator (~> 0.1)
      commander (~> 4.1.3)
      directory_watcher (~> 1.4.1)
      kramdown (~> 1.0.2)
      liquid (~> 2.3)
      maruku (~> 0.5)
      pygments.rb (~> 0.5.0)
      redcarpet (~> 2.2.2)
      safe_yaml (~> 0.7.0)
    jshint (0.0.1)
      execjs (~> 1.4.0)
      multi_json (~> 1.0)
      railties (>= 3.2.0)
      therubyracer (~> 0.10.2)
    jshintrb (0.2.4)
      execjs
      multi_json (>= 1.3)
      rake
    json (1.8.1)
    juicer (1.1.1)
      cmdparse
      nokogiri (>= 1.5.0)
      rubyzip (= 0.9.9)
    kramdown (1.0.2)
    libv8 (3.3.10.4)
    liquid (2.6.1)
    maruku (0.7.1)
    mime-types (2.2)
    mini_portile (0.5.2)
    minitest (4.7.5)
    multi_json (1.9.0)
    net-http-persistent (2.9.4)
    net-ssh (2.8.0)
    net-ssh-gateway (1.2.0)
      net-ssh (>= 2.6.5)
    nokogiri (1.6.1)
      mini_portile (~> 0.5.0)
    parallel (0.9.2)
    parallel_tests (0.15.0)
      parallel
    posix-spawn (0.3.8)
    pygments.rb (0.5.4)
      posix-spawn (~> 0.3.6)
      yajl-ruby (~> 1.1.0)
    rack (1.5.2)
    rack-test (0.6.2)
      rack (>= 1.0)
    railties (4.0.4)
      actionpack (= 4.0.4)
      activesupport (= 4.0.4)
      rake (>= 0.8.7)
      thor (>= 0.18.1, < 2.0)
    rake (10.1.1)
    rb-fsevent (0.9.4)
    rdiscount (2.1.7)
    rdoc (4.1.1)
      json (~> 1.4)
    redcarpet (2.2.2)
    rest-client (1.6.7)
      mime-types (>= 1.16)
    rspec-core (2.14.8)
    rspec-expectations (2.14.5)
      diff-lcs (>= 1.1.3, < 2.0)
    rspec-mocks (2.14.6)
    rspec-rails (2.14.1)
      actionpack (>= 3.0)
      activemodel (>= 3.0)
      activesupport (>= 3.0)
      railties (>= 3.0)
      rspec-core (~> 2.14.0)
      rspec-expectations (~> 2.14.0)
      rspec-mocks (~> 2.14.0)
    rubypants (0.2.0)
    rubyzip (0.9.9)
    safe_yaml (0.7.1)
    sass (3.2.14)
    sauce (3.1.3)
      childprocess (>= 0.1.6)
      cmdparse (>= 2.0.2)
      highline (>= 1.5.0)
      json (>= 1.2.0)
      net-http-persistent
      net-ssh
      net-ssh-gateway
      parallel_tests (= 0.15.0)
      rest-client
      sauce_whisk (~> 0.0.8)
      selenium-webdriver (>= 0.1.2)
    sauce-connect (3.1.0)
      sauce (~> 3.1)
    sauce_whisk (0.0.12)
      rest-client
    selenium-webdriver (2.35.1)
      childprocess (>= 0.2.5)
      multi_json (~> 1.0)
      rubyzip (< 1.0.0)
      websocket (~> 1.0.4)
    simplecov (0.8.2)
      docile (~> 1.1.0)
      multi_json
      simplecov-html (~> 0.8.0)
    simplecov-html (0.8.0)
    stringex (2.3.0)
    therubyracer (0.10.2)
      libv8 (~> 3.3.10)
    thor (0.18.1)
    thread_safe (0.2.0)
      atomic (>= 1.1.7, < 2)
    tilt (2.0.0)
    tzinfo (0.3.39)
    uglifier (2.5.0)
      execjs (>= 0.3.0)
      json (>= 1.8.0)
    w3c_validators (1.2)
      json
      nokogiri
    websocket (1.0.7)
    xpath (1.0.0)
      nokogiri (~> 1.3)
    yajl-ruby (1.1.0)

PLATFORMS
  ruby

DEPENDENCIES
  RedCloth
  capybara (~> 2.0.3)
  colored
  compass
  deadweight
  haml
  jekyll
  jshint
  jshintrb
  juicer
  liquid
  minitest
  parallel_tests
  pygments.rb
  rack
  rake
  rb-fsevent
  rdiscount
  redcarpet
  rspec-rails (~> 2.12)
  rubypants
  sauce (~> 3.1.1)
  sauce-connect
  selenium-webdriver
  simplecov
  stringex
  therubyracer
  uglifier
  w3c_validators
